GEM
  remote: https://rubygems.org/
  specs:
    cairo (1.17.5)
      native-package-installer (>= 1.0.3)
      pkg-config (>= 1.2.2)
      red-colors
    cairo-gobject (3.5.1)
      cairo (>= 1.16.2)
      glib2 (= 3.5.1)
    childprocess (4.1.0)
    fiddle (1.1.0)
    gio2 (3.5.1)
      fiddle
      gobject-introspection (= 3.5.1)
    glib2 (3.5.1)
      native-package-installer (>= 1.0.3)
      pkg-config (>= 1.3.5)
    gobject-introspection (3.5.1)
      glib2 (= 3.5.1)
    matrix (0.4.2)
    native-package-installer (1.1.3)
    pkg-config (1.4.7)
    poppler (3.5.1)
      cairo-gobject (= 3.5.1)
      gio2 (= 3.5.1)
    red-colors (0.3.0)
      matrix
    rexml (3.2.5)
    rubyzip (2.3.2)
    selenium-webdriver (4.1.0)
      childprocess (>= 0.5, < 5.0)
      rexml (~> 3.2, >= 3.2.5)
      rubyzip (>= 1.2.2)

PLATFORMS
  x86_64-darwin-21

DEPENDENCIES
  poppler
  selenium-webdriver

BUNDLED WITH
   2.3.3
